GEM
  remote: https://rubygems.org/
  specs:
    eventbrite-client (0.1.4)
      httparty (~> 0.8.0)
      tzinfo (~> 0.3.22)
    faraday (0.9.2)
      multipart-post (>= 1.2, < 3)
    httparty (0.8.3)
      multi_json (~> 1.0)
      multi_xml
    jwt (1.5.1)
    multi_json (1.11.2)
    multi_xml (0.5.5)
    multipart-post (2.0.0)
    oauth2 (1.1.0)
      faraday (>= 0.8, < 0.10)
      jwt (~> 1.0, < 1.5.2)
      multi_json (~> 1.3)
      multi_xml (~> 0.5)
      rack (>= 1.2, < 3)
    rack (1.6.4)
    rack-protection (1.5.3)
      rack
    sinatra (1.4.7)
      rack (~> 1.5)
      rack-protection (~> 1.4)
      tilt (>= 1.3, < 3)
    tilt (2.0.2)
    tzinfo (0.3.46)

PLATFORMS
  ruby

DEPENDENCIES
  eventbrite-client
  oauth2
  sinatra

BUNDLED WITH
   1.11.2
